GEM
  remote: https://rubygems.org/
  specs:
    awesome_print (1.6.1)
    matrix (0.0.1)

PLATFORMS
  ruby

DEPENDENCIES
  awesome_print
  matrix

BUNDLED WITH
   1.10.6
